PATH
  remote: .
  specs:
    magnum (1.4.5)
      bundler (>= 1.3)
      puppet (>= 3.4.1)
      puppetlabs_spec_helper (>= 0.4.1)
      rake (>= 10.1.0)
      redcarpet (>= 3.0.0)
      rspec (>= 2.14.1)
      rspec-puppet (>= 1.0.1)
      serverspec (>= 0.14.2)
      thor (>= 0.18.1)
      version (>= 1.0.0)
      yard (>= 0.8.7.2)
      yard-rspec (>= 0.1)

GEM
  remote: https://rubygems.org/
  specs:
    diff-lcs (1.2.5)
    facter (1.7.4)
    hiera (1.3.0)
      json_pure
    highline (1.6.20)
    json_pure (1.8.1)
    metaclass (0.0.1)
    mocha (0.14.0)
      metaclass (~> 0.0.1)
    net-ssh (2.7.0)
    puppet (3.4.1)
      facter (~> 1.6)
      hiera (~> 1.0)
      rgen (~> 0.6.5)
    puppetlabs_spec_helper (0.4.1)
      mocha (>= 0.10.5)
      rake
      rspec (>= 2.9.0)
      rspec-puppet (>= 0.1.1)
    rake (10.1.1)
    redcarpet (3.0.0)
    rgen (0.6.6)
    rspec (2.14.1)
      rspec-core (~> 2.14.0)
      rspec-expectations (~> 2.14.0)
      rspec-mocks (~> 2.14.0)
    rspec-core (2.14.7)
    rspec-expectations (2.14.4)
      diff-lcs (>= 1.1.3, < 2.0)
    rspec-mocks (2.14.4)
    rspec-puppet (1.0.1)
      rspec
    sem_ver (0.1.1)
    serverspec (0.14.2)
      highline
      net-ssh
      rspec (>= 2.13.0)
      specinfra (>= 0.1.0)
    specinfra (0.1.1)
    thor (0.18.1)
    version (1.0.0)
    yard (0.8.7.3)
    yard-rspec (0.1)
      yard

PLATFORMS
  ruby

DEPENDENCIES
  magnum!
  sem_ver (>= 0.1.1)
