PATH
  remote: .
  specs:
    magnum (0.0.3)

GEM
  remote: https://rubygems.org/
  specs:
    diff-lcs (1.2.4)
    highline (1.6.19)
    net-ssh (2.7.0)
    rake (10.1.0)
    rspec (2.14.1)
      rspec-core (~> 2.14.0)
      rspec-expectations (~> 2.14.0)
      rspec-mocks (~> 2.14.0)
    rspec-core (2.14.5)
    rspec-expectations (2.14.3)
      diff-lcs (>= 1.1.3, < 2.0)
    rspec-mocks (2.14.3)
    rspec-puppet (0.1.6)
      rspec
    serverspec (0.9.8)
      highline
      net-ssh
      rspec (>= 2.13.0)
    thor (0.18.1)
    version (1.0.0)

PLATFORMS
  ruby

DEPENDENCIES
  bundler (~> 1.3)
  magnum!
  rake
  rspec-puppet (~> 0.1.6)
  serverspec (~> 0.9.7)
  thor (~> 0.18.1)
  version (~> 1.0.0)
